{
    "Modality": "MR",
    "MagneticFieldStrength": 3,
    "ImagingFrequency": 127.77,
    "Manufacturer": "GE",
    "ManufacturersModelName": "SIGNA Premier",
    "InstitutionName": "UCL",
    "DeviceSerialNumber": "000000210036MR03",
    "StationName": "GEHC",
    "BodyPartExamined": "BRAIN",
    "PatientPosition": "HFS",
    "SoftwareVersions": "28\\LX\\MR Software release:RX28.0_R04_2020.b",
    "MRAcquisitionType": "3D",
    "SeriesDescription": "Sag T1 MPRAGE 1x1x1",
    "ProtocolName": "Sag T1 MPRAGE 1x1x1",
    "ScanningSequence": "RM\\IR",
    "SequenceVariant": "NONE",
    "ScanOptions": "EDR_GEMS\\FILTERED_GEMS\\ACC_GEMS\\IR_GEMS",
    "ImageType": [
        "ORIGINAL",
        "PRIMARY",
        "OTHER"
    ],
    "SeriesNumber": 2,
    "AcquisitionTime": "18:22:46.000000",
    "AcquisitionNumber": 1,
    "SliceThickness": 1,
    "SpacingBetweenSlices": 1,
    "SAR": 0.0625254,
    "EchoTime": 0.00296,
    "RepetitionTime": 2.18816,
    "InversionTime": 0.9,
    "FlipAngle": 8,
    "CoilString": "48HAP",
    "PercentPhaseFOV": 95,
    "PercentSampling": 100,
    "AcquisitionMatrixPE": 256,
    "ReconMatrixPE": 256,
    "ParallelReductionFactorInPlane": 1.75,
    "PixelBandwidth": 244.141,
    "ImageOrientationPatientDICOM": [
        -0.084098,
        0.996458,
        0,
        0,
        0,
        -1
    ],
    "InPlanePhaseEncodingDirectionDICOM": "ROW",
    "ConversionSoftware": "dcm2niix",
    "ConversionSoftwareVersion": "v1.0.20201102",
    "Dcm2bidsVersion": "2.1.5"
}