{
    "Modality": "MR",
    "MagneticFieldStrength": 3,
    "ImagingFrequency": 127.77,
    "Manufacturer": "GE",
    "ManufacturersModelName": "SIGNA_Premier",
    "InstitutionName": "UCL",
    "DeviceSerialNumber": "000000210036MR03",
    "BodyPartExamined": "BRAIN",
    "PatientPosition": "HFS",
    "SoftwareVersions": "27_LX_MR_Software_release:RX27.0_R03_1850.a",
    "MRAcquisitionType": "3D",
    "SeriesDescription": "Sag_T1_MPRAGE_1x1x1",
    "ProtocolName": "Sag_T1_MPRAGE_1x1x1",
    "ScanningSequence": "GR_IR",
    "SequenceVariant": "SS_SK",
    "ScanOptions": "FAST_GEMS_EDR_GEMS_FILTERED_GEMS_ACC_GEMS_IR_GEMS",
    "ImageType": [
        "ORIGINAL",
        "PRIMARY",
        "OTHER"
    ],
    "SeriesNumber": 2,
    "AcquisitionTime": "19:20:53.000000",
    "AcquisitionNumber": 1,
    "SliceThickness": 1,
    "SpacingBetweenSlices": 1,
    "SAR": 0.0616128,
    "EchoTime": 0.00296,
    "RepetitionTime": 2.18816,
    "InversionTime": 0.9,
    "FlipAngle": 8,
    "CoilString": "48HAP",
    "PercentPhaseFOV": 95,
    "PercentSampling": 100,
    "AcquisitionMatrixPE": 256,
    "ReconMatrixPE": 256,
    "PixelBandwidth": 244.141,
    "ImageOrientationPatientDICOM": [
        0.0577053,
        0.998334,
        0,
        0,
        0,
        -1
    ],
    "InPlanePhaseEncodingDirectionDICOM": "ROW",
    "ConversionSoftware": "dcm2niix",
    "ConversionSoftwareVersion": "v1.0.20200331",
    "Dcm2bidsVersion": "2.1.4"
}